NUGET
  remote: http://nuget.org/api/v2
  specs:
    FSharp.Data (2.0.4)
      Zlib.Portable (>= 1.9.2) - portable-7.0
      Zlib.Portable (>= 1.9.2) - portable-7.0
    SourceLink (0.4.2)
    SourceLink.SymbolStore (0.5.0-ci1411141431)
    Zlib.Portable (1.10.0)
